GEM
  remote: http://rubygems.org/
  specs:
    actionmailer (2.3.5)
      actionpack (= 2.3.5)
    actionpack (2.3.5)
      activesupport (= 2.3.5)
      rack (~> 1.0.0)
    activerecord (2.3.5)
      activesupport (= 2.3.5)
    activeresource (2.3.5)
      activesupport (= 2.3.5)
    activesupport (2.3.5)
    cancan (1.6.10)
    cgi_multipart_eof_fix (2.5.0)
    daemons (1.3.1)
    declarative_authorization (0.5.7)
    fastthread (1.0.7)
    gem_plugin (0.2.3)
    i18n (0.6.11)
    minitest (5.11.3)
    mongrel (1.1.5)
      cgi_multipart_eof_fix (>= 2.4)
      daemons (>= 1.0.3)
      fastthread (>= 1.0.1)
      gem_plugin (>= 0.2.3)
    mysql (2.9.1)
    rack (1.0.1)
    rails (2.3.5)
      actionmailer (= 2.3.5)
      actionpack (= 2.3.5)
      activerecord (= 2.3.5)
      activeresource (= 2.3.5)
      activesupport (= 2.3.5)
      rake (>= 0.8.3)
    rake (0.8.7)
    rush (0.6.8)
      session
    session (3.2.0)
    thor (0.14.6)

PLATFORMS
  ruby

DEPENDENCIES
  cancan
  declarative_authorization (~> 0.5.1)
  i18n (= 0.6.11)
  minitest
  mongrel
  mysql
  rails (= 2.3.5)
  rake (= 0.8.7)
  rush (= 0.6.8)
  thor (= 0.14.6)

BUNDLED WITH
   1.10.0
